GEM
  remote: https://rubygems.org/
  specs:
    activemodel (6.0.2.2)
      activesupport (= 6.0.2.2)
    activerecord (6.0.2.2)
      activemodel (= 6.0.2.2)
      activesupport (= 6.0.2.2)
    activesupport (6.0.2.2)
      concurrent-ruby (~> 1.0, >= 1.0.2)
      i18n (>= 0.7, < 2)
      minitest (~> 5.1)
      tzinfo (~> 1.1)
      zeitwerk (~> 2.2)
    byebug (11.1.1)
    concurrent-ruby (1.1.6)
    i18n (1.8.2)
      concurrent-ruby (~> 1.0)
    mini_portile2 (2.4.0)
    minitest (5.14.0)
    nokogiri (1.10.9)
      mini_portile2 (~> 2.4.0)
    rake (13.0.1)
    sqlite3 (1.4.2)
    thread_safe (0.3.6)
    tzinfo (1.2.6)
      thread_safe (~> 0.1)
    zeitwerk (2.3.0)

PLATFORMS
  ruby

DEPENDENCIES
  activerecord (~> 6.0)
  byebug (~> 11.1)
  nokogiri (~> 1.10)
  rake (~> 13.0)
  sqlite3 (~> 1.4)

BUNDLED WITH
   2.1.2
